GEM
  remote: https://rubygems.org/
  specs:
    concurrent-ruby (1.3.4)
    cpf_utils (1.3.1)
    faker (3.5.1)
      i18n (>= 1.8.11, < 2)
    i18n (1.14.6)
      concurrent-ruby (~> 1.0)

PLATFORMS
  x86_64-linux-gnu

DEPENDENCIES
  cpf_utils
  faker

BUNDLED WITH
   2.4.20
